GEM
  remote: https://rubygems.org/
  specs:
    ffi (1.17.2)
    ffi (1.17.2-aarch64-linux-gnu)
    ffi (1.17.2-aarch64-linux-musl)
    ffi (1.17.2-arm-linux-gnu)
    ffi (1.17.2-arm-linux-musl)
    ffi (1.17.2-arm64-darwin)
    ffi (1.17.2-x86-linux-gnu)
    ffi (1.17.2-x86-linux-musl)
    ffi (1.17.2-x86_64-darwin)
    ffi (1.17.2-x86_64-linux-gnu)
    ffi (1.17.2-x86_64-linux-musl)
    raylib-bindings (0.7.10)
      ffi (~> 1.16)
    raylib-bindings (0.7.10-aarch64-linux)
      ffi (~> 1.16)
    raylib-bindings (0.7.10-arm64-darwin)
      ffi (~> 1.16)
    raylib-bindings (0.7.10-x86_64-darwin)
      ffi (~> 1.16)
    raylib-bindings (0.7.10-x86_64-linux)
      ffi (~> 1.16)

PLATFORMS
  aarch64-linux
  aarch64-linux-gnu
  aarch64-linux-musl
  arm-linux-gnu
  arm-linux-musl
  arm64-darwin
  ruby
  x86-linux-gnu
  x86-linux-musl
  x86_64-darwin
  x86_64-linux
  x86_64-linux-gnu
  x86_64-linux-musl

DEPENDENCIES
  raylib-bindings (= 0.7.10)

BUNDLED WITH
   2.6.8
